PATH
  remote: .
  specs:
    pact-cli (0.1.0)
      pact-mock_service
      pact-provider-verifier
      pact_broker-client

GEM
  remote: https://rubygems.org/
  specs:
    awesome_print (1.8.0)
    bump (0.8.0)
    coderay (1.1.2)
    conventional-changelog (1.3.0)
    diff-lcs (1.3)
    faraday (0.17.0)
      multipart-post (>= 1.2, < 3)
    faraday_middleware (0.13.1)
      faraday (>= 0.7.4, < 1.0)
    filelock (1.1.1)
    find_a_port (1.0.1)
    httparty (0.17.1)
      mime-types (~> 3.0)
      multi_xml (>= 0.5.2)
    json (2.2.0)
    method_source (0.9.2)
    mime-types (3.3)
      mime-types-data (~> 3.2015)
    mime-types-data (3.2019.1009)
    multi_xml (0.6.0)
    multipart-post (2.1.1)
    pact (1.42.0)
      json (> 1.8.5)
      pact-mock_service (~> 3.0)
      pact-support (~> 1.9)
      rack-test (>= 0.6.3, < 2.0.0)
      randexp (~> 0.1.7)
      rspec (>= 2.14)
      term-ansicolor (~> 1.0)
      thor
      webrick
    pact-message (0.6.0)
      pact-mock_service (~> 3.1)
      pact-support (~> 1.8)
      thor (~> 0.20)
    pact-mock_service (3.1.1)
      filelock (~> 1.1)
      find_a_port (~> 1.0.1)
      json
      pact-support (~> 1.2, >= 1.2.1)
      rack (~> 2.0)
      rspec (>= 2.14)
      term-ansicolor (~> 1.0)
      thor (~> 0.19)
      webrick (~> 1.3)
    pact-provider-verifier (1.23.1)
      faraday (~> 0.9, >= 0.9.0)
      faraday_middleware (~> 0.10)
      json (> 1.8)
      pact (~> 1.36)
      pact-message (~> 0.5)
      rack (~> 2.0)
      rack-reverse-proxy
      rake (~> 10.4, >= 10.4.2)
      rspec (~> 3.5)
      rspec_junit_formatter (~> 0.3)
    pact-support (1.12.0)
      awesome_print (~> 1.1)
      randexp (~> 0.1.7)
      rspec (>= 2.14)
      term-ansicolor (~> 1.0)
    pact_broker-client (1.20.0)
      httparty
      json
      rake
      table_print (~> 1.5)
      term-ansicolor
      thor (~> 0.20)
    pry (0.12.2)
      coderay (~> 1.1.0)
      method_source (~> 0.9.0)
    rack (2.0.8)
    rack-proxy (0.6.5)
      rack
    rack-reverse-proxy (0.12.0)
      rack (>= 1.0.0)
      rack-proxy (~> 0.6, >= 0.6.1)
    rack-test (1.1.0)
      rack (>= 1.0, < 3)
    rake (10.5.0)
    randexp (0.1.7)
    rspec (3.9.0)
      rspec-core (~> 3.9.0)
      rspec-expectations (~> 3.9.0)
      rspec-mocks (~> 3.9.0)
    rspec-core (3.9.0)
      rspec-support (~> 3.9.0)
    rspec-expectations (3.9.0)
      diff-lcs (>= 1.2.0, < 2.0)
      rspec-support (~> 3.9.0)
    rspec-mocks (3.9.0)
      diff-lcs (>= 1.2.0, < 2.0)
      rspec-support (~> 3.9.0)
    rspec-support (3.9.0)
    rspec_junit_formatter (0.4.1)
      rspec-core (>= 2, < 4, != 2.12.0)
    table_print (1.5.6)
    term-ansicolor (1.7.1)
      tins (~> 1.0)
    thor (0.20.3)
    tins (1.21.1)
    webrick (1.5.0)

PLATFORMS
  ruby

DEPENDENCIES
  bump (~> 0.5)
  bundler (~> 1.16)
  conventional-changelog (~> 1.3)
  pact-cli!
  pry
  rake (~> 10.0)
  rspec (~> 3.0)

BUNDLED WITH
   1.17.2
