GIT
  remote: https://github.com/bethesque/conventional-changelog-ruby.git
  revision: 303b4277a64371d01e43754dfd5f47eee42ccd79
  ref: 303b4277a64371d01e43754dfd5f47eee42ccd79
  specs:
    conventional-changelog (1.3.0)

PATH
  remote: .
  specs:
    pact-cli (0.50.0)
      json (~> 2.3)
      pact-mock_service
      pact-provider-verifier
      pact_broker-client (~> 1.28)

GEM
  remote: https://rubygems.org/
  specs:
    awesome_print (1.9.2)
    bump (0.10.0)
    coderay (1.1.3)
    diff-lcs (1.5.0)
    dig_rb (1.0.1)
    expgen (0.1.1)
      parslet
    faraday (1.8.0)
      faraday-em_http (~> 1.0)
      faraday-em_synchrony (~> 1.0)
      faraday-excon (~> 1.1)
      faraday-httpclient (~> 1.0.1)
      faraday-net_http (~> 1.0)
      faraday-net_http_persistent (~> 1.1)
      faraday-patron (~> 1.0)
      faraday-rack (~> 1.0)
      multipart-post (>= 1.2, < 3)
      ruby2_keywords (>= 0.0.4)
    faraday-em_http (1.0.0)
    faraday-em_synchrony (1.0.0)
    faraday-excon (1.1.0)
    faraday-httpclient (1.0.1)
    faraday-net_http (1.0.1)
    faraday-net_http_persistent (1.2.0)
    faraday-patron (1.0.0)
    faraday-rack (1.0.0)
    faraday_middleware (1.2.0)
      faraday (~> 1.0)
    filelock (1.1.1)
    find_a_port (1.0.1)
    httparty (0.18.1)
      mime-types (~> 3.0)
      multi_xml (>= 0.5.2)
    json (2.6.1)
    method_source (1.0.0)
    mime-types (3.4.1)
      mime-types-data (~> 3.2015)
    mime-types-data (3.2021.1115)
    multi_xml (0.6.0)
    multipart-post (2.1.1)
    pact (1.61.0)
      pact-mock_service (~> 3.0, >= 3.3.1)
      pact-support (~> 1.16, >= 1.16.9)
      rack-test (>= 0.6.3, < 2.0.0)
      rspec (~> 3.0)
      term-ansicolor (~> 1.0)
      thor (>= 0.20, < 2.0)
      webrick (~> 1.3)
    pact-message (0.11.1)
      pact-mock_service (~> 3.1)
      pact-support (~> 1.8)
      thor (>= 0.20, < 2.0)
    pact-mock_service (3.9.1)
      filelock (~> 1.1)
      find_a_port (~> 1.0.1)
      json
      pact-support (~> 1.16, >= 1.16.4)
      rack (~> 2.0)
      rspec (>= 2.14)
      term-ansicolor (~> 1.0)
      thor (>= 0.19, < 2.0)
      webrick (~> 1.3)
    pact-provider-verifier (1.36.1)
      faraday (>= 0.9.0, <= 2.0)
      faraday_middleware (>= 0.10, <= 2.0)
      json (> 1.8)
      pact (~> 1.59)
      pact-message (~> 0.5)
      rack (~> 2.1)
      rack-reverse-proxy
      rspec (~> 3.5)
      rspec_junit_formatter (~> 0.3)
    pact-support (1.17.0)
      awesome_print (~> 1.9)
      diff-lcs (~> 1.4)
      expgen (~> 0.1)
      term-ansicolor (~> 1.0)
    pact_broker-client (1.58.0)
      dig_rb (~> 1.0)
      httparty (~> 0.18.1)
      rake (~> 13.0)
      table_print (~> 1.5)
      term-ansicolor (~> 1.7)
      thor (>= 0.20, < 2.0)
    parslet (2.0.0)
    pry (0.14.1)
      coderay (~> 1.1)
      method_source (~> 1.0)
    rack (2.2.3)
    rack-proxy (0.7.0)
      rack
    rack-reverse-proxy (0.12.0)
      rack (>= 1.0.0)
      rack-proxy (~> 0.6, >= 0.6.1)
    rack-test (1.1.0)
      rack (>= 1.0, < 3)
    rake (13.0.6)
    rspec (3.10.0)
      rspec-core (~> 3.10.0)
      rspec-expectations (~> 3.10.0)
      rspec-mocks (~> 3.10.0)
    rspec-core (3.10.1)
      rspec-support (~> 3.10.0)
    rspec-expectations (3.10.1)
      diff-lcs (>= 1.2.0, < 2.0)
      rspec-support (~> 3.10.0)
    rspec-mocks (3.10.2)
      diff-lcs (>= 1.2.0, < 2.0)
      rspec-support (~> 3.10.0)
    rspec-support (3.10.3)
    rspec_junit_formatter (0.4.1)
      rspec-core (>= 2, < 4, != 2.12.0)
    ruby2_keywords (0.0.5)
    sync (0.5.0)
    table_print (1.5.7)
    term-ansicolor (1.7.1)
      tins (~> 1.0)
    thor (1.1.0)
    tins (1.29.1)
      sync
    webrick (1.7.0)

PLATFORMS
  ruby

DEPENDENCIES
  bump (~> 0.5)
  conventional-changelog (~> 1.3)!
  pact-cli!
  pry
  rake (~> 13.0)
  rspec (~> 3.0)

BUNDLED WITH
   2.2.20
