GIT
  remote: https://github.com/bethesque/conventional-changelog-ruby.git
  revision: ca6b790c3c8079665dee6fe05685e4ab1be0ad6f
  ref: feat/pact-foundation
  specs:
    conventional-changelog (1.3.0)

PATH
  remote: .
  specs:
    pact-cli (1.3.0)
      bigdecimal (~> 3.1)
      json (~> 2.7)
      pact-mock_service
      pact-provider-verifier
      pact_broker-client (~> 1.28)
      rack-test (>= 0.6.3, < 2.0.0)

GEM
  remote: https://rubygems.org/
  specs:
    awesome_print (1.9.2)
    base64 (0.2.0)
    bigdecimal (3.1.8)
    bump (0.10.0)
    coderay (1.1.3)
    csv (3.3.0)
    diff-lcs (1.5.1)
    dig_rb (1.0.1)
    expgen (0.1.1)
      parslet
    faraday (2.12.0)
      faraday-net_http (>= 2.0, < 3.4)
      json
      logger
    faraday-net_http (3.3.0)
      net-http
    faraday-retry (2.2.1)
      faraday (~> 2.0)
    find_a_port (1.0.1)
    httparty (0.22.0)
      csv
      mini_mime (>= 1.0.0)
      multi_xml (>= 0.5.2)
    json (2.7.6)
    logger (1.6.1)
    method_source (1.1.0)
    mini_mime (1.1.5)
    multi_xml (0.7.1)
      bigdecimal (~> 3.1)
    net-http (0.4.1)
      uri
    ostruct (0.6.0)
    pact (1.65.3)
      pact-mock_service (~> 3.0, >= 3.3.1)
      pact-support (~> 1.16, >= 1.16.9)
      rack-test (>= 0.6.3, < 3.0.0)
      rainbow (~> 3.1)
      rspec (~> 3.0)
      thor (>= 0.20, < 2.0)
    pact-message (0.11.1)
      pact-mock_service (~> 3.1)
      pact-support (~> 1.8)
      thor (>= 0.20, < 2.0)
    pact-mock_service (3.11.2)
      find_a_port (~> 1.0.1)
      json
      pact-support (~> 1.16, >= 1.16.4)
      rack (~> 2.0)
      rspec (>= 2.14)
      thor (>= 0.19, < 2.0)
      webrick (~> 1.8)
    pact-provider-verifier (1.38.2)
      faraday (~> 2.5)
      faraday-retry (~> 2.2)
      json (> 1.8)
      ostruct
      pact (~> 1.59)
      pact-message (~> 0.5)
      rack (~> 2.1)
      rack-reverse-proxy
      rspec (~> 3.5)
      rspec_junit_formatter (~> 0.3)
    pact-support (1.20.2)
      awesome_print (~> 1.9)
      diff-lcs (~> 1.5)
      expgen (~> 0.1)
      rainbow (~> 3.1.1)
    pact_broker-client (1.77.0)
      base64 (~> 0.2)
      dig_rb (~> 1.0)
      httparty (>= 0.21.0, < 1.0.0)
      ostruct
      rake (~> 13.0)
      table_print (~> 1.5)
      term-ansicolor (~> 1.7)
      thor (>= 0.20, < 2.0)
    parslet (2.0.0)
    pry (0.14.2)
      coderay (~> 1.1)
      method_source (~> 1.0)
    rack (2.2.10)
    rack-proxy (0.7.7)
      rack
    rack-reverse-proxy (0.12.0)
      rack (>= 1.0.0)
      rack-proxy (~> 0.6, >= 0.6.1)
    rack-test (1.1.0)
      rack (>= 1.0, < 3)
    rainbow (3.1.1)
    rake (13.2.1)
    rspec (3.13.0)
      rspec-core (~> 3.13.0)
      rspec-expectations (~> 3.13.0)
      rspec-mocks (~> 3.13.0)
    rspec-core (3.13.2)
      rspec-support (~> 3.13.0)
    rspec-expectations (3.13.3)
      diff-lcs (>= 1.2.0, < 2.0)
      rspec-support (~> 3.13.0)
    rspec-mocks (3.13.2)
      diff-lcs (>= 1.2.0, < 2.0)
      rspec-support (~> 3.13.0)
    rspec-support (3.13.1)
    rspec_junit_formatter (0.6.0)
      rspec-core (>= 2, < 4, != 2.12.0)
    sync (0.5.0)
    table_print (1.5.7)
    term-ansicolor (1.11.2)
      tins (~> 1.0)
    thor (1.3.2)
    tins (1.37.0)
      bigdecimal
      sync
    uri (0.13.1)
    webrick (1.8.2)

PLATFORMS
  ruby

DEPENDENCIES
  bump (~> 0.9)
  conventional-changelog (~> 1.3)!
  pact-cli!
  pry
  rake (~> 13.0)
  rspec (~> 3.0)

BUNDLED WITH
   2.5.23
